GIT
  remote: https://github.com/faker-ruby/faker.git
  revision: a00b4c6388c69fdafb7e12cbacdb6d8a9927fba5
  branch: master
  specs:
    faker (2.20.0)
      i18n (>= 1.8.11, < 2)

GEM
  remote: https://rubygems.org/
  specs:
    concurrent-ruby (1.1.10)
    i18n (1.10.0)
      concurrent-ruby (~> 1.0)
    minitest (5.15.0)
    ruby2d (0.11.3)

PLATFORMS
  x64-mingw-ucrt

DEPENDENCIES
  faker!
  minitest (~> 5)
  ruby2d (~> 0.11.1)

BUNDLED WITH
   2.3.7
